ObjectType = Image
NDims = 3
BinaryData = True
BinaryDataByteOrderMSB = False
CompressedData = False
TransformMatrix = 1 0 0 0 1 0 0 0 1
Offset = 0 0 0
CenterOfRotation = 0 0 0
ElementSpacing = 0.942622 1.20313 0.820769
DimSize = 224 176 208
AnatomicalOrientation = ???
ElementType = MET_UCHAR
ElementDataFile = T00.raw
